GEM
  specs:
    activesupport (5.1.6)
      concurrent-ruby (~> 1.0, >= 1.0.2)
      i18n (>= 0.7, < 2)
      minitest (~> 5.1)
      tzinfo (~> 1.1)
    concurrent-ruby (1.0.5)
    dhash-vips (0.0.6.0)
      ruby-vips
    exif (2.2.0)
    exiftool (1.2.1)
      json
    ffi (1.10.0)
    i18n (1.1.1)
      concurrent-ruby (~> 1.0)
    json (2.2.0)
    minitest (5.11.3)
    ruby-vips (2.0.13)
      ffi (~> 1.9)
    thread_safe (0.3.6)
    tzinfo (1.2.5)
      thread_safe (~> 0.1)

PLATFORMS
  ruby

DEPENDENCIES
  activesupport
  dhash-vips
  exif
  exiftool

BUNDLED WITH
   1.17.2
